GEM
  remote: http://rubygems.org/
  specs:
    Saikuro (1.1.0)
    actionmailer (2.3.11)
      actionpack (= 2.3.11)
    actionpack (2.3.11)
      activesupport (= 2.3.11)
      rack (~> 1.1.0)
    activerecord (2.3.11)
      activesupport (= 2.3.11)
    activeresource (2.3.11)
      activesupport (= 2.3.11)
    activesupport (2.3.11)
    arrayfields (4.7.4)
    bcrypt-ruby (2.1.4)
    builder (3.0.0)
    chronic (0.3.0)
    churn (0.0.13)
      chronic (>= 0.2.3)
      hirb
      json_pure
      main
      ruby_parser (~> 2.0.4)
      sexp_processor (~> 3.0.3)
    colored (1.2)
    curb (0.7.15)
    diacritics_fu (1.0.3)
    erubis (2.7.0)
    fattr (2.2.0)
    feedzirra (0.0.24)
      activesupport (>= 2.3.8)
      builder (>= 2.1.2)
      curb (>= 0.2.3)
      loofah (>= 0.3.1)
      nokogiri (> 0.0.0)
      sax-machine (>= 0.0.12)
    flay (1.4.2)
      ruby_parser (~> 2.0)
      sexp_processor (~> 3.0)
    flog (2.5.1)
      ruby_parser (~> 2.0)
      sexp_processor (~> 3.0)
    gattica (0.4.3)
      hpricot (>= 0.6.164)
    haml (3.1.2)
    hash_extension (0.0.4)
    hirb (0.4.5)
    hoptoad_notifier (2.4.11)
      activesupport
      builder
    hpricot (0.8.4)
    i18n (0.6.0)
    json_pure (1.5.3)
    loofah (1.0.0)
      nokogiri (>= 1.3.3)
    main (4.4.0)
      arrayfields (>= 4.7.4)
      fattr (>= 2.1.0)
    metric_fu (2.1.1)
      Saikuro (>= 1.1.0)
      activesupport (>= 2.0.0)
      chronic (~> 0.3.0)
      churn (>= 0.0.7)
      flay (>= 1.2.1)
      flog (>= 2.3.0)
      rails_best_practices (>= 0.6.4)
      rcov (>= 0.8.3.3)
      reek (>= 1.2.6)
      roodi (>= 2.1.0)
      syntax
    nokogiri (1.4.6)
    rack (1.1.2)
    rails (2.3.11)
      actionmailer (= 2.3.11)
      actionpack (= 2.3.11)
      activerecord (= 2.3.11)
      activeresource (= 2.3.11)
      activesupport (= 2.3.11)
      rake (>= 0.8.3)
    rails_best_practices (0.9.0)
      activesupport
      colored
      erubis
      haml
      i18n
      ruby-progressbar
      ruby_parser
    rake (0.9.2)
    rcov (0.9.9)
    reek (1.2.8)
      ruby2ruby (~> 1.2)
      ruby_parser (~> 2.0)
      sexp_processor (~> 3.0)
    roodi (2.1.0)
      ruby_parser
    ruby-progressbar (0.0.10)
    ruby2ruby (1.2.5)
      ruby_parser (~> 2.0)
      sexp_processor (~> 3.0)
    ruby_parser (2.0.6)
      sexp_processor (~> 3.0)
    rufus-scheduler (2.0.9)
      tzinfo (>= 0.3.23)
    sax-machine (0.0.16)
      nokogiri (> 0.0.0)
    sexp_processor (3.0.5)
    sqlite3 (1.3.3)
    sqlite3-ruby (1.3.3)
      sqlite3 (>= 1.3.3)
    syntax (1.0.0)
    tzinfo (0.3.28)

PLATFORMS
  ruby

DEPENDENCIES
  bcrypt-ruby
  diacritics_fu
  feedzirra
  gattica
  hash_extension
  hoptoad_notifier
  metric_fu
  rails (= 2.3.11)
  rufus-scheduler
  sqlite3-ruby
